GEM
  remote: https://rubygems.org/
  specs:
    amazing_print (1.6.0)
    coderay (1.1.3)
    colorize (1.1.0)
    domain_name (0.6.20240107)
    http-accept (1.7.0)
    http-cookie (1.0.5)
      domain_name (~> 0.5)
    kramdown (2.4.0)
      rexml
    logger (1.5.3)
    method_source (1.0.0)
    mime-types (3.5.2)
      mime-types-data (~> 3.2015)
    mime-types-data (3.2024.0305)
    netrc (0.11.0)
    nokogiri (1.16.2-x86_64-darwin)
      racc (~> 1.4)
    nokogiri (1.16.2-x86_64-linux)
      racc (~> 1.4)
    pry (0.14.2)
      coderay (~> 1.1)
      method_source (~> 1.0)
    racc (1.7.3)
    rake (13.1.0)
    rest-client (2.1.0)
      http-accept (>= 1.7.0, < 2.0)
      http-cookie (>= 1.0.2, < 2.0)
      mime-types (>= 1.16, < 4.0)
      netrc (~> 0.8)
    rexml (3.2.6)

PLATFORMS
  x86_64-darwin-22
  x86_64-linux

DEPENDENCIES
  amazing_print
  colorize
  kramdown
  logger
  nokogiri
  pry
  rake
  rest-client

BUNDLED WITH
   2.4.14
